PATH
  remote: .
  specs:
    google-gmail-api (0.0.14)
      activesupport
      google-api-client (= 0.8.6)
      hashie (>= 3.3.2)
      hooks (>= 0.4.0)
      mail (>= 2.2.1)
      mime (>= 0.1)
      stringex

GEM
  remote: http://rubygems.org/
  specs:
    activesupport (5.2.0)
      concurrent-ruby (~> 1.0, >= 1.0.2)
      i18n (>= 0.7, < 2)
      minitest (~> 5.1)
      tzinfo (~> 1.1)
    addressable (2.5.2)
      public_suffix (>= 2.0.2, < 4.0)
    autoparse (0.3.3)
      addressable (>= 2.3.1)
      extlib (>= 0.9.15)
      multi_json (>= 1.0.0)
    concurrent-ruby (1.0.5)
    extlib (0.9.16)
    faraday (0.15.0)
      multipart-post (>= 1.2, < 3)
    gem-release (1.0.0)
    google-api-client (0.8.6)
      activesupport (>= 3.2)
      addressable (~> 2.3)
      autoparse (~> 0.3)
      extlib (~> 0.9)
      faraday (~> 0.9)
      googleauth (~> 0.3)
      launchy (~> 2.4)
      multi_json (~> 1.10)
      retriable (~> 1.4)
      signet (~> 0.6)
    googleauth (0.6.2)
      faraday (~> 0.12)
      jwt (>= 1.4, < 3.0)
      logging (~> 2.0)
      memoist (~> 0.12)
      multi_json (~> 1.11)
      os (~> 0.9)
      signet (~> 0.7)
    hashie (3.5.7)
    hooks (0.4.1)
      uber (~> 0.0.14)
    i18n (1.0.1)
      concurrent-ruby (~> 1.0)
    jwt (2.1.0)
    launchy (2.4.3)
      addressable (~> 2.3)
    little-plugger (1.1.4)
    logging (2.2.2)
      little-plugger (~> 1.1)
      multi_json (~> 1.10)
    mail (2.7.0)
      mini_mime (>= 0.1.1)
    memoist (0.16.0)
    metaclass (0.0.4)
    mime (0.4.4)
    mini_mime (1.0.0)
    minitest (5.11.3)
    mocha (1.0.0)
      metaclass (~> 0.0.1)
    multi_json (1.13.1)
    multipart-post (2.0.0)
    os (0.9.6)
    power_assert (1.1.1)
    public_suffix (3.0.2)
    rake (12.3.1)
    retriable (1.4.1)
    shoulda (3.5.0)
      shoulda-context (~> 1.0, >= 1.0.1)
      shoulda-matchers (>= 1.4.1, < 3.0)
    shoulda-context (1.2.2)
    shoulda-matchers (2.8.0)
      activesupport (>= 3.0.0)
    signet (0.8.1)
      addressable (~> 2.3)
      faraday (~> 0.9)
      jwt (>= 1.5, < 3.0)
      multi_json (~> 1.10)
    stringex (2.8.4)
    test-unit (3.2.7)
      power_assert
    thread_safe (0.3.6)
    tzinfo (1.2.5)
      thread_safe (~> 0.1)
    uber (0.0.15)

PLATFORMS
  ruby

DEPENDENCIES
  gem-release
  google-gmail-api!
  mocha (~> 1.0.0)
  rake
  shoulda (~> 3.5.0)
  test-unit

BUNDLED WITH
   1.16.1
